GEM
  remote: https://rubygems.org/
  specs:
    actioncable (7.0.0.rc1)
      actionpack (= 7.0.0.rc1)
      activesupport (= 7.0.0.rc1)
      nio4r (~> 2.0)
      websocket-driver (>= 0.6.1)
    actionmailbox (7.0.0.rc1)
      actionpack (= 7.0.0.rc1)
      activejob (= 7.0.0.rc1)
      activerecord (= 7.0.0.rc1)
      activestorage (= 7.0.0.rc1)
      activesupport (= 7.0.0.rc1)
      mail (>= 2.7.1)
    actionmailer (7.0.0.rc1)
      actionpack (= 7.0.0.rc1)
      actionview (= 7.0.0.rc1)
      activejob (= 7.0.0.rc1)
      activesupport (= 7.0.0.rc1)
      mail (~> 2.5, >= 2.5.4)
      rails-dom-testing (~> 2.0)
    actionpack (7.0.0.rc1)
      actionview (= 7.0.0.rc1)
      activesupport (= 7.0.0.rc1)
      rack (~> 2.0, >= 2.2.0)
      rack-test (>= 0.6.3)
      rails-dom-testing (~> 2.0)
      rails-html-sanitizer (~> 1.0, >= 1.2.0)
    actiontext (7.0.0.rc1)
      actionpack (= 7.0.0.rc1)
      activerecord (= 7.0.0.rc1)
      activestorage (= 7.0.0.rc1)
      activesupport (= 7.0.0.rc1)
      globalid (>= 0.6.0)
      nokogiri (>= 1.8.5)
    actionview (7.0.0.rc1)
      activesupport (= 7.0.0.rc1)
      builder (~> 3.1)
      erubi (~> 1.4)
      rails-dom-testing (~> 2.0)
      rails-html-sanitizer (~> 1.1, >= 1.2.0)
    activejob (7.0.0.rc1)
      activesupport (= 7.0.0.rc1)
      globalid (>= 0.3.6)
    activemodel (7.0.0.rc1)
      activesupport (= 7.0.0.rc1)
    activerecord (7.0.0.rc1)
      activemodel (= 7.0.0.rc1)
      activesupport (= 7.0.0.rc1)
    activestorage (7.0.0.rc1)
      actionpack (= 7.0.0.rc1)
      activejob (= 7.0.0.rc1)
      activerecord (= 7.0.0.rc1)
      activesupport (= 7.0.0.rc1)
      marcel (~> 1.0)
      mini_mime (>= 1.1.0)
    activesupport (7.0.0.rc1)
      concurrent-ruby (~> 1.0, >= 1.0.2)
      i18n (>= 1.6, < 2)
      minitest (>= 5.1)
      tzinfo (~> 2.0)
    addressable (2.8.0)
      public_suffix (>= 2.0.2, < 5.0)
    annotate (3.1.1)
      activerecord (>= 3.2, < 7.0)
      rake (>= 10.4, < 14.0)
    ast (2.4.2)
    autoprefixer-rails (10.3.3.0)
      execjs (~> 2)
    bindex (0.8.1)
    bootsnap (1.9.3)
      msgpack (~> 1.0)
    bootstrap (5.1.3)
      autoprefixer-rails (>= 9.1.0)
      popper_js (>= 2.9.3, < 3)
      sassc-rails (>= 2.0.0)
    builder (3.2.4)
    capybara (3.36.0)
      addressable
      matrix
      mini_mime (>= 0.1.3)
      nokogiri (~> 1.8)
      rack (>= 1.6.0)
      rack-test (>= 0.6.3)
      regexp_parser (>= 1.5, < 3.0)
      xpath (~> 3.2)
    childprocess (4.1.0)
    concurrent-ruby (1.1.9)
    connection_pool (2.2.5)
    crass (1.0.6)
    deb_control (0.0.1)
    debug (1.3.4)
      irb (>= 1.3.6)
      reline (>= 0.2.7)
    e2mmap (0.1.0)
    erubi (1.10.0)
    et-orbi (1.2.6)
      tzinfo
    execjs (2.8.1)
    ffi (1.15.4)
    fugit (1.5.2)
      et-orbi (~> 1.1, >= 1.1.8)
      raabro (~> 1.4)
    globalid (1.0.0)
      activesupport (>= 5.0)
    i18n (1.8.11)
      concurrent-ruby (~> 1.0)
    importmap-rails (0.9.3)
      rails (>= 6.0.0)
    io-console (0.5.9)
    irb (1.3.7)
      reline (>= 0.2.7)
    jbuilder (2.11.3)
      activesupport (>= 5.0.0)
    jquery-rails (4.4.0)
      rails-dom-testing (>= 1, < 3)
      railties (>= 4.2.0)
      thor (>= 0.14, < 2.0)
    loofah (2.12.0)
      crass (~> 1.0.2)
      nokogiri (>= 1.5.9)
    mail (2.7.1)
      mini_mime (>= 0.1.1)
    marcel (1.0.2)
    matrix (0.4.2)
    method_source (1.0.0)
    mini_mime (1.1.2)
    minitest (5.14.4)
    msgpack (1.4.2)
    nio4r (2.5.8)
    nokogiri (1.12.5-x86_64-darwin)
      racc (~> 1.4)
    parallel (1.21.0)
    parser (3.0.3.1)
      ast (~> 2.4.1)
    popper_js (2.9.3)
    public_suffix (4.0.6)
    puma (5.5.2)
      nio4r (~> 2.0)
    raabro (1.4.0)
    racc (1.6.0)
    rack (2.2.3)
    rack-test (1.1.0)
      rack (>= 1.0, < 3)
    rails (7.0.0.rc1)
      actioncable (= 7.0.0.rc1)
      actionmailbox (= 7.0.0.rc1)
      actionmailer (= 7.0.0.rc1)
      actionpack (= 7.0.0.rc1)
      actiontext (= 7.0.0.rc1)
      actionview (= 7.0.0.rc1)
      activejob (= 7.0.0.rc1)
      activemodel (= 7.0.0.rc1)
      activerecord (= 7.0.0.rc1)
      activestorage (= 7.0.0.rc1)
      activesupport (= 7.0.0.rc1)
      bundler (>= 1.15.0)
      railties (= 7.0.0.rc1)
    rails-dom-testing (2.0.3)
      activesupport (>= 4.2.0)
      nokogiri (>= 1.6)
    rails-html-sanitizer (1.4.2)
      loofah (~> 2.3)
    railties (7.0.0.rc1)
      actionpack (= 7.0.0.rc1)
      activesupport (= 7.0.0.rc1)
      method_source
      rake (>= 12.2)
      thor (~> 1.0)
      zeitwerk (~> 2.5)
    rainbow (3.0.0)
    rake (13.0.6)
    redis (4.5.1)
    regexp_parser (2.2.0)
    reline (0.2.7)
      io-console (~> 0.5)
    rexml (3.2.5)
    rubocop (1.23.0)
      parallel (~> 1.10)
      parser (>= 3.0.0.0)
      rainbow (>= 2.2.2, < 4.0)
      regexp_parser (>= 1.8, < 3.0)
      rexml
      rubocop-ast (>= 1.12.0, < 2.0)
      ruby-progressbar (~> 1.7)
      unicode-display_width (>= 1.4.0, < 3.0)
    rubocop-ast (1.14.0)
      parser (>= 3.0.1.1)
    ruby-progressbar (1.11.0)
    rubyzip (2.3.2)
    rufus-scheduler (3.8.0)
      fugit (~> 1.1, >= 1.1.6)
    sassc (2.4.0)
      ffi (~> 1.9)
    sassc-rails (2.1.2)
      railties (>= 4.0.0)
      sassc (>= 2.0)
      sprockets (> 3.0)
      sprockets-rails
      tilt
    selenium-webdriver (4.1.0)
      childprocess (>= 0.5, < 5.0)
      rexml (~> 3.2, >= 3.2.5)
      rubyzip (>= 1.2.2)
    sidekiq (6.3.1)
      connection_pool (>= 2.2.2)
      rack (~> 2.0)
      redis (>= 4.2.0)
    sidekiq-scheduler (3.1.0)
      e2mmap
      redis (>= 3, < 5)
      rufus-scheduler (~> 3.2)
      sidekiq (>= 3)
      thwait
      tilt (>= 1.4.0)
    sprockets (4.0.2)
      concurrent-ruby (~> 1.0)
      rack (> 1, < 3)
    sprockets-rails (3.4.1)
      actionpack (>= 5.2)
      activesupport (>= 5.2)
      sprockets (>= 3.0.0)
    sqlite3 (1.4.2)
    stimulus-rails (0.7.3)
      rails (>= 6.0.0)
    thor (1.1.0)
    thwait (0.2.0)
      e2mmap
    tilt (2.0.10)
    turbo-rails (0.9.0)
      rails (>= 6.0.0)
    tzinfo (2.0.4)
      concurrent-ruby (~> 1.0)
    unicode-display_width (2.1.0)
    web-console (4.2.0)
      actionview (>= 6.0.0)
      activemodel (>= 6.0.0)
      bindex (>= 0.4.0)
      railties (>= 6.0.0)
    webdrivers (5.0.0)
      nokogiri (~> 1.6)
      rubyzip (>= 1.3.0)
      selenium-webdriver (~> 4.0)
    websocket-driver (0.7.5)
      websocket-extensions (>= 0.1.0)
    websocket-extensions (0.1.5)
    xpath (3.2.0)
      nokogiri (~> 1.8)
    zeitwerk (2.5.1)

PLATFORMS
  x86_64-darwin-20

DEPENDENCIES
  annotate
  bootsnap (>= 1.4.4)
  bootstrap (~> 5.1.3)
  capybara (>= 3.26)
  deb_control
  debug (>= 1.0.0)
  importmap-rails (>= 0.9.2)
  jbuilder (~> 2.11)
  jquery-rails
  puma (~> 5.0)
  rails (~> 7.0.0.rc1)
  redis (~> 4.0)
  rubocop
  selenium-webdriver (>= 4.0.0)
  sidekiq
  sidekiq-scheduler
  sprockets-rails (>= 3.4.1)
  sqlite3 (~> 1.4)
  stimulus-rails (>= 0.7.3)
  turbo-rails (>= 0.9.0)
  tzinfo-data
  web-console (>= 4.1.0)
  webdrivers

RUBY VERSION
   ruby 2.7.2p137

BUNDLED WITH
   2.2.9
